GIT
  remote: git://github.com/livingsocial/rake-pipeline.git
  revision: 3465e0e3e134bf52ddf5d138e8c8262412080095
  specs:
    rake-pipeline (0.6.0)
      rake (~> 0.9.0)
      thor

GIT
  remote: git://github.com/wycats/rake-pipeline-web-filters.git
  revision: e14e78ae70d0d25b1668c5273e80cd05a4ee52e6
  specs:
    rake-pipeline-web-filters (0.6.0)
      rack
      rake-pipeline (~> 0.6)

PATH
  remote: .
  specs:
    embarista (1.0.0)
      colored
      listen
      rake-pipeline
      rake-pipeline-web-filters
      rb-fsevent
      ruby_gntp

GEM
  remote: http://rubygems.org/
  specs:
    coderay (1.0.7)
    colored (1.2)
    columnize (0.3.6)
    debugger (1.1.4)
      columnize (>= 0.3.1)
      debugger-linecache (~> 1.1.1)
      debugger-ruby_core_source (~> 1.1.3)
    debugger-linecache (1.1.2)
      debugger-ruby_core_source (>= 1.1.1)
    debugger-ruby_core_source (1.1.3)
    diff-lcs (1.1.3)
    execjs (1.4.0)
      multi_json (~> 1.0)
    listen (0.5.3)
    method_source (0.8)
    multi_json (1.3.6)
    pry (0.9.10)
      coderay (~> 1.0.5)
      method_source (~> 0.8)
      slop (~> 3.3.1)
    pry-debugger (0.2.0)
      debugger (~> 1.1.3)
      pry (~> 0.9.9)
    pry-remote (0.1.6)
      pry (~> 0.9)
      slop (~> 3.0)
    rack (1.4.1)
    rake (0.9.2.2)
    rb-fsevent (0.9.1)
    rb-readline (0.4.2)
    rspec (2.11.0)
      rspec-core (~> 2.11.0)
      rspec-expectations (~> 2.11.0)
      rspec-mocks (~> 2.11.0)
    rspec-core (2.11.1)
    rspec-expectations (2.11.3)
      diff-lcs (~> 1.1.3)
    rspec-mocks (2.11.3)
    ruby_gntp (0.3.4)
    slop (3.3.3)
    thor (0.16.0)

PLATFORMS
  ruby

DEPENDENCIES
  embarista!
  execjs
  pry
  pry-debugger
  pry-remote
  rake-pipeline!
  rake-pipeline-web-filters!
  rb-readline
  rspec
